GEM
  remote: https://rubygems.org/
  specs:
    ethon (0.6.1)
      ffi (>= 1.3.0)
      mime-types (~> 1.18)
    ffi (1.9.0)
    mime-types (1.25)
    rack (1.5.2)
    sinatra (1.1.0)
      rack (~> 1.1)
      tilt (~> 1.1)
    tilt (1.4.1)
    typhoeus (0.6.5)
      ethon (~> 0.6.1)

PLATFORMS
  ruby

DEPENDENCIES
  sinatra (= 1.1.0)
  typhoeus (= 0.6.5)
